GEM
  remote: https://rubygems.org/
  specs:
    ansi (1.5.0)
    builder (3.2.3)
    minitest (5.10.3)
    minitest-reporters (1.1.18)
      ansi
      builder
      minitest (>= 5.0)
      ruby-progressbar
    rake (12.1.0)
    ruby-progressbar (1.8.3)

PLATFORMS
  ruby

DEPENDENCIES
  minitest-reporters
  rake

RUBY VERSION
   ruby 2.4.1p111

BUNDLED WITH
   1.15.4
